GEM
  remote: https://rubygems.org/
  specs:
    coderay (1.1.2)
    interception (0.5)
    method_source (0.9.0)
    net-scp (1.2.1)
      net-ssh (>= 2.6.5)
    net-ssh (4.2.0)
    pry (0.11.3)
      coderay (~> 1.1.0)
      method_source (~> 0.9.0)
    pry-rescue (1.4.5)
      interception (>= 0.5)
      pry

PLATFORMS
  ruby

DEPENDENCIES
  net-scp
  net-ssh
  pry
  pry-rescue

BUNDLED WITH
   1.16.1
